GEM
  remote: https://rubygems.org/
  specs:
    activesupport (4.1.16)
      i18n (~> 0.6, >= 0.6.9)
      json (~> 1.7, >= 1.7.7)
      minitest (~> 5.1)
      thread_safe (~> 0.1)
      tzinfo (~> 1.1)
    coderay (1.1.3)
    concurrent-ruby (1.1.6)
    diff-lcs (1.3)
    ffi (1.15.5-java)
    i18n (0.9.5)
      concurrent-ruby (~> 1.0)
    json (1.8.6)
    json (1.8.6-java)
    method_source (0.9.2)
    minitest (5.11.3)
    multi_json (1.14.1)
    pry (0.11.3)
      coderay (~> 1.1.0)
      method_source (~> 0.9.0)
    pry (0.11.3-java)
      coderay (~> 1.1.0)
      method_source (~> 0.9.0)
      spoon (~> 0.0)
    pry-doc (0.9.0)
      pry (~> 0.9)
      yard (~> 0.8)
    rake (13.1.0)
    rspec (3.4.0)
      rspec-core (~> 3.4.0)
      rspec-expectations (~> 3.4.0)
      rspec-mocks (~> 3.4.0)
    rspec-core (3.4.4)
      rspec-support (~> 3.4.0)
    rspec-expectations (3.4.0)
      diff-lcs (>= 1.2.0, < 2.0)
      rspec-support (~> 3.4.0)
    rspec-mocks (3.4.1)
      diff-lcs (>= 1.2.0, < 2.0)
      rspec-support (~> 3.4.0)
    rspec-support (3.4.1)
    simplecov (0.7.1)
      multi_json (~> 1.0)
      simplecov-html (~> 0.7.1)
    simplecov-html (0.7.1)
    spoon (0.0.6)
      ffi
    thread_safe (0.3.6)
    thread_safe (0.3.6-java)
    tzinfo (1.2.7)
      thread_safe (~> 0.1)
    yard (0.9.36)

PLATFORMS
  java
  ruby

DEPENDENCIES
  activesupport (~> 4.1.11)
  method_source (>= 0.8.2)
  pry (~> 0.11.0)
  pry-doc (~> 0.9.0)
  rake (~> 13.1)
  rspec (~> 3.4.0)
  simplecov
  yard (~> 0.9.11)

BUNDLED WITH
   2.3.27
