GEM
  remote: https://rubygems.org/
  specs:
    activesupport (3.1.0)
      multi_json (~> 1.0)
    backports (3.6.7)
    coderay (1.0.9)
    diff-lcs (1.2.4)
    ffi (1.9.10-java)
    method_source (0.8.2)
    multi_json (1.10.1)
    pry (0.9.12.2)
      coderay (~> 1.0.5)
      method_source (~> 0.8)
      slop (~> 3.4)
    pry (0.9.12.2-java)
      coderay (~> 1.0.5)
      method_source (~> 0.8)
      slop (~> 3.4)
      spoon (~> 0.0)
    pry-doc (0.6.0)
      pry (~> 0.9)
      yard (~> 0.8)
    rake (10.3.0)
    rspec (2.14.1)
      rspec-core (~> 2.14.0)
      rspec-expectations (~> 2.14.0)
      rspec-mocks (~> 2.14.0)
    rspec-core (2.14.4)
    rspec-expectations (2.14.0)
      diff-lcs (>= 1.1.3, < 2.0)
    rspec-mocks (2.14.1)
    simplecov (0.7.1)
      multi_json (~> 1.0)
      simplecov-html (~> 0.7.1)
    simplecov-html (0.7.1)
    slop (3.4.6)
    spoon (0.0.4)
      ffi
    yard (0.8.7.3)

PLATFORMS
  java
  ruby

DEPENDENCIES
  activesupport (<= 3.1.0)
  backports
  method_source (>= 0.8.2)
  pry (~> 0.9.12)
  pry-doc (>= 0.6.0)
  rake (~> 10.3.0)
  rspec (~> 2.14)
  simplecov

BUNDLED WITH
   1.10.6
